GEM
  remote: http://rubygems.org/
  specs:
    couchrest (1.1.2)
      mime-types (~> 1.15)
      multi_json (~> 1.0.0)
      rest-client (~> 1.6.1)
    daemons (1.1.8)
    eventmachine (0.12.10)
    foreman (0.46.0)
      thor (>= 0.13.6)
    jslint_on_rails (1.1.1)
    json (1.7.3)
    manifesto (0.7.0)
    mime-types (1.18)
    multi_json (1.0.4)
    open4 (1.3.0)
    rack (1.4.1)
    rack-protection (1.2.0)
      rack
    rake (0.9.2.2)
    rest-client (1.6.7)
      mime-types (>= 1.16)
    shotgun (0.9)
      rack (>= 1.0)
    sinatra (1.3.2)
      rack (~> 1.3, >= 1.3.6)
      rack-protection (~> 1.2)
      tilt (~> 1.3, >= 1.3.3)
    thin (1.3.1)
      daemons (>= 1.0.9)
      eventmachine (>= 0.12.6)
      rack (>= 1.0.0)
    thor (0.15.2)
    tilt (1.3.3)

PLATFORMS
  ruby

DEPENDENCIES
  couchrest
  foreman
  jslint_on_rails
  json
  manifesto
  open4
  rake
  shotgun
  sinatra
  thin
