GEM
  remote: http://rubygems.org/
  specs:
    couchrest (1.2.0)
      mime-types (~> 1.15)
      multi_json (~> 1.0)
      rest-client (~> 1.6.1)
    daemons (1.1.9)
    dotenv (1.0.2)
    eventmachine (1.0.7)
    excon (0.44.3)
    foreman (0.77.0)
      dotenv (~> 1.0.2)
      thor (~> 0.19.1)
    git (1.2.9.1)
    heroku-api (0.3.22)
      excon (~> 0.38)
      multi_json (~> 1.8)
    jshint_on_rails (1.0.3)
    jslint_on_rails (1.1.1)
    json (1.8.2)
    manifesto (0.7.0)
    mime-types (1.25.1)
    multi_json (1.10.1)
    open4 (1.3.4)
    rack (1.6.0)
    rack-protection (1.5.3)
      rack
    rake (10.4.2)
    rdoc (4.2.0)
      json (~> 1.4)
    rest-client (1.6.8)
      mime-types (~> 1.16)
      rdoc (>= 2.4.2)
    shotgun (0.9)
      rack (>= 1.0)
    sinatra (1.4.5)
      rack (~> 1.4)
      rack-protection (~> 1.4)
      tilt (~> 1.3, >= 1.3.4)
    thin (1.6.3)
      daemons (~> 1.0, >= 1.0.9)
      eventmachine (~> 1.0)
      rack (~> 1.0)
    thor (0.19.1)
    tilt (1.4.1)

PLATFORMS
  ruby

DEPENDENCIES
  couchrest
  foreman
  git
  heroku-api
  jshint_on_rails
  jslint_on_rails
  json
  manifesto
  open4
  rake
  shotgun
  sinatra
  thin
