GEM
  remote: http://rubygems.org/
  specs:
    couchrest (1.1.3)
      mime-types (~> 1.15)
      multi_json (~> 1.0)
      rest-client (~> 1.6.1)
    daemons (1.1.9)
    eventmachine (1.0.3)
    excon (0.16.10)
    foreman (0.62.0)
      thor (>= 0.13.6)
    git (1.2.5)
    heroku-api (0.3.8)
      excon (~> 0.16.10)
    jslint_on_rails (1.1.1)
    json (1.7.7)
    manifesto (0.7.0)
    mime-types (1.21)
    multi_json (1.6.1)
    open4 (1.3.0)
    rack (1.5.2)
    rack-protection (1.5.0)
      rack
    rake (10.0.3)
    rest-client (1.6.7)
      mime-types (>= 1.16)
    shotgun (0.9)
      rack (>= 1.0)
    sinatra (1.3.5)
      rack (~> 1.4)
      rack-protection (~> 1.3)
      tilt (~> 1.3, >= 1.3.3)
    thin (1.5.0)
      daemons (>= 1.0.9)
      eventmachine (>= 0.12.6)
      rack (>= 1.0.0)
    thor (0.17.0)
    tilt (1.3.5)

PLATFORMS
  ruby

DEPENDENCIES
  couchrest
  foreman
  git
  heroku-api
  jslint_on_rails
  json
  manifesto
  open4
  rake
  shotgun
  sinatra
  thin
