GEM
  remote: https://rubygems.org/
  specs:
    couchrest (1.2.1)
      mime-types (>= 1.15)
      multi_json (~> 1.7, ~> 1.0)
      rest-client (~> 1.8.0)
    daemons (1.2.3)
    domain_name (0.5.20160128)
      unf (>= 0.0.5, < 1.0.0)
    eventmachine (1.0.9.1)
    excon (0.45.4)
    foreman (0.78.0)
      thor (~> 0.19.1)
    git (1.2.9.1)
    heroku-api (0.4.1)
      excon (~> 0.45)
      multi_json (~> 1.8)
    http-cookie (1.0.2)
      domain_name (~> 0.5)
    jshint_on_rails (1.0.3)
    jslint_on_rails (1.1.1)
    json (1.8.3)
    manifesto (0.7.0)
    mime-types (2.99)
    multi_json (1.11.2)
    netrc (0.11.0)
    open4 (1.3.4)
    rack (1.6.4)
    rack-protection (1.5.3)
      rack
    rake (10.5.0)
    rest-client (1.8.0)
      http-cookie (>= 1.0.2, < 2.0)
      mime-types (>= 1.16, < 3.0)
      netrc (~> 0.7)
    shotgun (0.9.1)
      rack (>= 1.0)
    sinatra (1.4.7)
      rack (~> 1.5)
      rack-protection (~> 1.4)
      tilt (>= 1.3, < 3)
    thin (1.6.4)
      daemons (~> 1.0, >= 1.0.9)
      eventmachine (~> 1.0, >= 1.0.4)
      rack (~> 1.0)
    thor (0.19.1)
    tilt (2.0.2)
    unf (0.1.4)
      unf_ext
    unf_ext (0.0.7.2)

PLATFORMS
  ruby

DEPENDENCIES
  couchrest
  foreman
  git
  heroku-api
  jshint_on_rails
  jslint_on_rails
  json
  manifesto
  open4
  rake
  shotgun
  sinatra
  thin

BUNDLED WITH
   1.11.2
