GEM
  remote: http://rubygems.org/
  specs:
    aws-sdk (1.2.3)
      httparty (~> 0.7)
      json (~> 1.4)
      nokogiri (>= 1.4.4)
      uuidtools (~> 2.1)
    daemons (1.1.4)
    eventmachine (0.12.10)
    httparty (0.8.1)
      multi_json
      multi_xml
    json (1.6.2)
    manifesto (0.6.0)
    multi_json (1.0.4)
    multi_xml (0.4.1)
    nokogiri (1.5.0)
    rack (1.3.5)
    rack-protection (1.1.4)
      rack
    sinatra (1.3.1)
      rack (~> 1.3, >= 1.3.4)
      rack-protection (~> 1.1, >= 1.1.2)
      tilt (~> 1.3, >= 1.3.3)
    thin (1.2.11)
      daemons (>= 1.0.9)
      eventmachine (>= 0.12.6)
      rack (>= 1.0.0)
    tilt (1.3.3)
    uuidtools (2.1.2)

PLATFORMS
  ruby

DEPENDENCIES
  aws-sdk
  json
  manifesto
  sinatra
  thin
