GEM
  remote: https://rubygems.org/
  specs:
    couchrest (2.0.0)
      httpclient (~> 2.8)
      mime-types (>= 1.15)
      multi_json (~> 1.7)
    daemons (1.2.3)
    eventmachine (1.2.0.1)
    excon (0.51.0)
    foreman (0.82.0)
      thor (~> 0.19.1)
    git (1.3.0)
    heroku-api (0.4.2)
      excon (~> 0.45)
      multi_json (~> 1.8)
    httpclient (2.8.0)
    jshint_on_rails (1.0.3)
    jslint_on_rails (1.1.1)
    json (2.0.1)
    manifesto (0.7.0)
    mime-types (3.1)
      mime-types-data (~> 3.2015)
    mime-types-data (3.2016.0521)
    multi_json (1.12.1)
    open4 (1.3.4)
    rack (1.6.4)
    rack-protection (1.5.3)
      rack
    rake (11.2.2)
    shotgun (0.9.1)
      rack (>= 1.0)
    sinatra (1.4.7)
      rack (~> 1.5)
      rack-protection (~> 1.4)
      tilt (>= 1.3, < 3)
    thin (1.7.0)
      daemons (~> 1.0, >= 1.0.9)
      eventmachine (~> 1.0, >= 1.0.4)
      rack (>= 1, < 3)
    thor (0.19.1)
    tilt (2.0.5)

PLATFORMS
  ruby

DEPENDENCIES
  couchrest
  foreman
  git
  heroku-api
  jshint_on_rails
  jslint_on_rails
  json
  manifesto
  open4
  rake
  shotgun
  sinatra
  thin

RUBY VERSION
   ruby 2.3.1p112

BUNDLED WITH
   1.12.5
