GEM
  remote: http://rubygems.org/
  specs:
    couchrest (1.2.0)
      mime-types (~> 1.15)
      multi_json (~> 1.0)
      rest-client (~> 1.6.1)
    daemons (1.1.9)
    dotenv (0.9.0)
    eventmachine (1.0.3)
    excon (0.25.3)
    foreman (0.63.0)
      dotenv (>= 0.7)
      thor (>= 0.13.6)
    git (1.2.6)
    heroku-api (0.3.15)
      excon (~> 0.25.1)
    jshint_on_rails (1.0.3)
    jslint_on_rails (1.1.1)
    json (1.8.0)
    manifesto (0.7.0)
    mime-types (1.25)
    multi_json (1.8.0)
    open4 (1.3.0)
    rack (1.5.2)
    rack-protection (1.5.0)
      rack
    rake (10.1.0)
    rest-client (1.6.7)
      mime-types (>= 1.16)
    shotgun (0.9)
      rack (>= 1.0)
    sinatra (1.4.3)
      rack (~> 1.4)
      rack-protection (~> 1.4)
      tilt (~> 1.3, >= 1.3.4)
    thin (1.5.1)
      daemons (>= 1.0.9)
      eventmachine (>= 0.12.6)
      rack (>= 1.0.0)
    thor (0.18.1)
    tilt (1.4.1)

PLATFORMS
  ruby

DEPENDENCIES
  couchrest
  foreman
  git
  heroku-api
  jshint_on_rails
  jslint_on_rails
  json
  manifesto
  open4
  rake
  shotgun
  sinatra
  thin
