GEM
  remote: https://rubygems.org/
  specs:
    ast (2.3.0)
    couchrest (2.0.1)
      httpclient (~> 2.8)
      mime-types (>= 1.15)
      multi_json (~> 1.7)
    daemons (1.2.6)
    diff-lcs (1.3)
    docile (1.1.5)
    erubis (2.7.0)
    eventmachine (1.2.5)
    excon (0.60.0)
    foreman (0.84.0)
      thor (~> 0.19.1)
    git (1.3.0)
    heroics (0.0.24)
      erubis (~> 2.0)
      excon
      moneta
      multi_json (>= 1.9.2)
    httpclient (2.8.3)
    json (2.1.0)
    manifesto (0.7.0)
    mime-types (3.1)
      mime-types-data (~> 3.2015)
    mime-types-data (3.2016.0521)
    moneta (0.8.1)
    multi_json (1.13.0)
    mustermann (1.0.1)
    open4 (1.3.4)
    parallel (1.12.1)
    parser (2.4.0.2)
      ast (~> 2.3)
    platform-api (2.1.0)
      heroics (~> 0.0.23)
      moneta (~> 0.8.1)
    powerpack (0.1.1)
    rack (2.0.3)
    rack-protection (2.0.0)
      rack
    rack-test (0.8.2)
      rack (>= 1.0, < 3)
    rainbow (3.0.0)
    rake (12.3.0)
    rspec (3.7.0)
      rspec-core (~> 3.7.0)
      rspec-expectations (~> 3.7.0)
      rspec-mocks (~> 3.7.0)
    rspec-core (3.7.1)
      rspec-support (~> 3.7.0)
    rspec-expectations (3.7.0)
      diff-lcs (>= 1.2.0, < 2.0)
      rspec-support (~> 3.7.0)
    rspec-mocks (3.7.0)
      diff-lcs (>= 1.2.0, < 2.0)
      rspec-support (~> 3.7.0)
    rspec-support (3.7.0)
    rubocop (0.52.1)
      parallel (~> 1.10)
      parser (>= 2.4.0.2, < 3.0)
      powerpack (~> 0.1)
      rainbow (>= 2.2.2, < 4.0)
      ruby-progressbar (~> 1.7)
      unicode-display_width (~> 1.0, >= 1.0.1)
    rubocop-config-oharagroup (1.1.0)
    ruby-progressbar (1.9.0)
    shotgun (0.9.2)
      rack (>= 1.0)
    simplecov (0.15.1)
      docile (~> 1.1.0)
      json (>= 1.8, < 3)
      simplecov-html (~> 0.10.0)
    simplecov-html (0.10.2)
    sinatra (2.0.0)
      mustermann (~> 1.0)
      rack (~> 2.0)
      rack-protection (= 2.0.0)
      tilt (~> 2.0)
    thin (1.7.2)
      daemons (~> 1.0, >= 1.0.9)
      eventmachine (~> 1.0, >= 1.0.4)
      rack (>= 1, < 3)
    thor (0.19.4)
    tilt (2.0.8)
    unicode-display_width (1.3.0)

PLATFORMS
  ruby

DEPENDENCIES
  couchrest
  foreman
  git
  json
  manifesto
  open4
  platform-api
  rack-test
  rake
  rspec
  rubocop
  rubocop-config-oharagroup
  shotgun
  simplecov
  sinatra
  thin

RUBY VERSION
   ruby 2.5.0p0

BUNDLED WITH
   1.16.1
